GEM
  remote: https://rubygems.org/
  specs:
    erubis (2.7.0)
    liquid (2.6.1)
    sqlite3 (1.3.8)

PLATFORMS
  ruby

DEPENDENCIES
  erubis
  liquid
  sqlite3
